GIT
  remote: https://github.com/eventmachine/eventmachine
  revision: e7320417cf291cc6a69471a64ecae5ddb5367715
  ref: e7320417cf291cc6a69471a64ecae5ddb5367715
  specs:
    eventmachine (1.3.0.dev.1)

PATH
  remote: .
  specs:
    kubeclient_exec (0.2.0)
      faye-websocket (~> 0.11.3)
      kubeclient (~> 4.11.0)

GEM
  remote: https://rubygems.org/
  specs:
    addressable (2.8.7)
      public_suffix (>= 2.0.2, < 7.0)
    base64 (0.2.0)
    domain_name (0.6.20240107)
    faye-websocket (0.11.3)
      eventmachine (>= 0.12.0)
      websocket-driver (>= 0.5.1)
    ffi (1.17.1)
    ffi (1.17.1-aarch64-linux-gnu)
    ffi (1.17.1-aarch64-linux-musl)
    ffi (1.17.1-arm-linux-gnu)
    ffi (1.17.1-arm-linux-musl)
    ffi (1.17.1-arm64-darwin)
    ffi (1.17.1-x86-linux-gnu)
    ffi (1.17.1-x86-linux-musl)
    ffi (1.17.1-x86_64-darwin)
    ffi (1.17.1-x86_64-linux-gnu)
    ffi (1.17.1-x86_64-linux-musl)
    ffi-compiler (1.3.2)
      ffi (>= 1.15.5)
      rake
    http (5.2.0)
      addressable (~> 2.8)
      base64 (~> 0.1)
      http-cookie (~> 1.0)
      http-form_data (~> 2.2)
      llhttp-ffi (~> 0.5.0)
    http-accept (1.7.0)
    http-cookie (1.0.8)
      domain_name (~> 0.5)
    http-form_data (2.3.0)
    jsonpath (1.1.5)
      multi_json
    kubeclient (4.11.0)
      http (>= 3.0, < 6.0)
      jsonpath (~> 1.0)
      recursive-open-struct (~> 1.1, >= 1.1.1)
      rest-client (~> 2.0)
    llhttp-ffi (0.5.1)
      ffi-compiler (~> 1.0)
      rake (~> 13.0)
    logger (1.6.6)
    mime-types (3.6.0)
      logger
      mime-types-data (~> 3.2015)
    mime-types-data (3.2025.0304)
    multi_json (1.15.0)
    netrc (0.11.0)
    ostruct (0.6.1)
    public_suffix (6.0.1)
    rake (13.2.1)
    recursive-open-struct (1.3.1)
      ostruct
    rest-client (2.1.0)
      http-accept (>= 1.7.0, < 2.0)
      http-cookie (>= 1.0.2, < 2.0)
      mime-types (>= 1.16, < 4.0)
      netrc (~> 0.8)
    websocket-driver (0.7.7)
      base64
      websocket-extensions (>= 0.1.0)
    websocket-extensions (0.1.5)

PLATFORMS
  aarch64-linux-gnu
  aarch64-linux-musl
  arm-linux-gnu
  arm-linux-musl
  arm64-darwin
  ruby
  x86-linux-gnu
  x86-linux-musl
  x86_64-darwin
  x86_64-linux-gnu
  x86_64-linux-musl

DEPENDENCIES
  eventmachine!
  kubeclient_exec!

BUNDLED WITH
   2.5.21
